GEM
  remote: https://rubygems.org/
  specs:
    addressable (2.8.7)
      public_suffix (>= 2.0.2, < 7.0)
    base64 (0.3.0)
    bcrypt_pbkdf (1.1.1)
    benchmark (0.4.1)
    bigdecimal (3.2.2)
    capistrano (2.15.11)
      highline
      net-scp (>= 1.0.0)
      net-sftp (>= 2.0.0)
      net-ssh (>= 2.0.14)
      net-ssh-gateway (>= 1.1.0)
    colorator (1.1.0)
    concurrent-ruby (1.3.5)
    csv (3.3.5)
    didkit (0.2.3)
    dotenv (3.1.8)
    ed25519 (1.4.0)
    em-websocket (0.5.3)
      eventmachine (>= 0.12.9)
      http_parser.rb (~> 0)
    eventmachine (1.2.7)
    faraday (2.13.4)
      faraday-net_http (>= 2.0, < 3.5)
      json
      logger
    faraday-net_http (3.4.1)
      net-http (>= 0.5.0)
    ffi (1.17.2)
    ffi (1.17.2-aarch64-linux-gnu)
    ffi (1.17.2-aarch64-linux-musl)
    ffi (1.17.2-arm-linux-gnu)
    ffi (1.17.2-arm-linux-musl)
    ffi (1.17.2-arm64-darwin)
    ffi (1.17.2-x86-linux-gnu)
    ffi (1.17.2-x86-linux-musl)
    ffi (1.17.2-x86_64-darwin)
    ffi (1.17.2-x86_64-linux-gnu)
    ffi (1.17.2-x86_64-linux-musl)
    forwardable-extended (2.6.0)
    google-protobuf (4.31.1)
      bigdecimal
      rake (>= 13)
    google-protobuf (4.31.1-aarch64-linux-gnu)
      bigdecimal
      rake (>= 13)
    google-protobuf (4.31.1-aarch64-linux-musl)
      bigdecimal
      rake (>= 13)
    google-protobuf (4.31.1-arm64-darwin)
      bigdecimal
      rake (>= 13)
    google-protobuf (4.31.1-x86-linux-gnu)
      bigdecimal
      rake (>= 13)
    google-protobuf (4.31.1-x86-linux-musl)
      bigdecimal
      rake (>= 13)
    google-protobuf (4.31.1-x86_64-darwin)
      bigdecimal
      rake (>= 13)
    google-protobuf (4.31.1-x86_64-linux-gnu)
      bigdecimal
      rake (>= 13)
    google-protobuf (4.31.1-x86_64-linux-musl)
      bigdecimal
      rake (>= 13)
    highline (3.1.2)
      reline
    http_parser.rb (0.8.0)
    i18n (1.14.7)
      concurrent-ruby (~> 1.0)
    io-console (0.8.0)
    jekyll (4.4.1)
      addressable (~> 2.4)
      base64 (~> 0.2)
      colorator (~> 1.0)
      csv (~> 3.0)
      em-websocket (~> 0.5)
      i18n (~> 1.0)
      jekyll-sass-converter (>= 2.0, < 4.0)
      jekyll-watch (~> 2.0)
      json (~> 2.6)
      kramdown (~> 2.3, >= 2.3.1)
      kramdown-parser-gfm (~> 1.0)
      liquid (~> 4.0)
      mercenary (~> 0.3, >= 0.3.6)
      pathutil (~> 0.9)
      rouge (>= 3.0, < 5.0)
      safe_yaml (~> 1.0)
      terminal-table (>= 1.8, < 4.0)
      webrick (~> 1.7)
    jekyll-sass-converter (3.1.0)
      sass-embedded (~> 1.75)
    jekyll-watch (2.2.1)
      listen (~> 3.0)
    json (2.12.2)
    kramdown (2.5.1)
      rexml (>= 3.3.9)
    kramdown-parser-gfm (1.1.0)
      kramdown (~> 2.0)
    licensee (9.18.0)
      dotenv (>= 2, < 4)
      octokit (>= 4.20, < 10.0)
      reverse_markdown (>= 1, < 4)
      rugged (>= 0.24, < 2.0)
      thor (>= 0.19, < 2.0)
    liquid (4.0.4)
    listen (3.9.0)
      rb-fsevent (~> 0.10, >= 0.10.3)
      rb-inotify (~> 0.9, >= 0.9.10)
    logger (1.7.0)
    mercenary (0.4.0)
    mini_portile2 (2.8.9)
    minisky (0.5.0)
      base64 (~> 0.1)
    net-http (0.6.0)
      uri
    net-scp (4.1.0)
      net-ssh (>= 2.6.5, < 8.0.0)
    net-sftp (4.0.0)
      net-ssh (>= 5.0.0, < 8.0.0)
    net-ssh (7.3.0)
    net-ssh-gateway (2.0.0)
      net-ssh (>= 4.0.0)
    nokogiri (1.18.9)
      mini_portile2 (~> 2.8.2)
      racc (~> 1.4)
    nokogiri (1.18.9-aarch64-linux-gnu)
      racc (~> 1.4)
    nokogiri (1.18.9-aarch64-linux-musl)
      racc (~> 1.4)
    nokogiri (1.18.9-arm-linux-gnu)
      racc (~> 1.4)
    nokogiri (1.18.9-arm-linux-musl)
      racc (~> 1.4)
    nokogiri (1.18.9-arm64-darwin)
      racc (~> 1.4)
    nokogiri (1.18.9-x86_64-darwin)
      racc (~> 1.4)
    nokogiri (1.18.9-x86_64-linux-gnu)
      racc (~> 1.4)
    nokogiri (1.18.9-x86_64-linux-musl)
      racc (~> 1.4)
    octokit (9.2.0)
      faraday (>= 1, < 3)
      sawyer (~> 0.9)
    pathutil (0.16.2)
      forwardable-extended (~> 2.6)
    public_suffix (6.0.2)
    racc (1.8.1)
    rake (13.3.0)
    rb-fsevent (0.11.2)
    rb-inotify (0.11.1)
      ffi (~> 1.0)
    reline (0.6.1)
      io-console (~> 0.5)
    reverse_markdown (3.0.0)
      nokogiri
    rexml (3.4.1)
    rouge (4.5.2)
    rugged (1.9.0)
    safe_yaml (1.0.5)
    sass-embedded (1.89.2)
      google-protobuf (~> 4.31)
      rake (>= 13)
    sass-embedded (1.89.2-aarch64-linux-gnu)
      google-protobuf (~> 4.31)
    sass-embedded (1.89.2-aarch64-linux-musl)
      google-protobuf (~> 4.31)
    sass-embedded (1.89.2-arm-linux-gnueabihf)
      google-protobuf (~> 4.31)
    sass-embedded (1.89.2-arm-linux-musleabihf)
      google-protobuf (~> 4.31)
    sass-embedded (1.89.2-arm64-darwin)
      google-protobuf (~> 4.31)
    sass-embedded (1.89.2-x86_64-darwin)
      google-protobuf (~> 4.31)
    sass-embedded (1.89.2-x86_64-linux-gnu)
      google-protobuf (~> 4.31)
    sass-embedded (1.89.2-x86_64-linux-musl)
      google-protobuf (~> 4.31)
    sawyer (0.9.2)
      addressable (>= 2.3.5)
      faraday (>= 0.17.3, < 3)
    terminal-table (3.0.2)
      unicode-display_width (>= 1.1.1, < 3)
    thor (1.4.0)
    unicode-display_width (2.6.0)
    uri (1.0.3)
    webrick (1.9.1)

PLATFORMS
  aarch64-linux
  aarch64-linux-gnu
  aarch64-linux-musl
  arm-linux-gnu
  arm-linux-gnueabihf
  arm-linux-musl
  arm64-darwin
  ruby
  x86-linux
  x86-linux-gnu
  x86-linux-musl
  x86_64-darwin
  x86_64-linux
  x86_64-linux-gnu
  x86_64-linux-musl

DEPENDENCIES
  bcrypt_pbkdf (>= 1.0, < 2.0)
  benchmark
  capistrano (~> 2.0)
  didkit (~> 0.2)
  ed25519 (>= 1.2, < 2.0)
  jekyll (~> 4.3)
  licensee
  logger
  minisky (~> 0.5)

BUNDLED WITH
   2.6.3
